PATH
  remote: .
  specs:
    shopify_cli (1.0.1)
      activemodel (>= 4.2.2)
      activesupport (>= 4.2.2)
      pry (>= 0.9.12.6)
      shopify_api
      thor (~> 0.18.1)

GEM
  remote: https://rubygems.org/
  specs:
    activemodel (4.2.7.1)
      activesupport (= 4.2.7.1)
      builder (~> 3.1)
    activeresource (4.1.0)
      activemodel (~> 4.0)
      activesupport (~> 4.0)
      rails-observers (~> 0.1.2)
    activesupport (4.2.7.1)
      i18n (~> 0.7)
      json (~> 1.7, >= 1.7.7)
      minitest (~> 5.1)
      thread_safe (~> 0.3, >= 0.3.4)
      tzinfo (~> 1.1)
    builder (3.2.2)
    coderay (1.1.1)
    fakeweb (1.3.0)
    i18n (0.7.0)
    json (1.8.3)
    metaclass (0.0.4)
    method_source (0.8.2)
    minitest (5.9.0)
    mocha (1.1.0)
      metaclass (~> 0.0.1)
    pry (0.10.4)
      coderay (~> 1.1.0)
      method_source (~> 0.8.1)
      slop (~> 3.4)
    rack (2.0.1)
    rails-observers (0.1.2)
      activemodel (~> 4.0)
    rake (11.2.2)
    shopify_api (4.3.0)
      activeresource (>= 3.0.0)
      rack
    slop (3.6.0)
    thor (0.19.1)
    thread_safe (0.3.5)
    tzinfo (1.2.2)
      thread_safe (~> 0.1)

PLATFORMS
  ruby

DEPENDENCIES
  activemodel
  activeresource
  activesupport
  builder
  coderay
  fakeweb
  i18n
  json
  metaclass
  method_source
  minitest
  mocha
  pry
  rails-observers
  rake
  shopify_api
  slop
  thor
  thread_safe
  tzinfo

BUNDLED WITH
   1.12.5
